RESTRICTION: || (== net45) (== netcoreapp2.0) (== netcoreapp2.2) (== netstandard2.0)
NUGET
  remote: https://api.nuget.org/v3/index.json
    FParsec (1.0.3) - restriction: || (&& (== net45) (>= netstandard2.0)) (== netcoreapp2.0) (== netcoreapp2.2) (== netstandard2.0)
      FSharp.Core (>= 4.2.3) - restriction: || (&& (== net45) (< net40) (>= netstandard1.6)) (== netcoreapp2.0) (== netcoreapp2.2) (== netstandard2.0)
      NETStandard.Library (>= 1.6.1) - restriction: || (&& (== net45) (< net40) (>= netstandard1.6)) (== netcoreapp2.0) (== netcoreapp2.2) (== netstandard2.0)
    FSharp.Core (4.7)
    Hopac (0.4.1) - restriction: || (&& (== net45) (>= netstandard2.0)) (== netcoreapp2.0) (== netcoreapp2.2) (== netstandard2.0)
      FSharp.Core (>= 4.5 < 5.0) - restriction: || (&& (== net45) (>= netstandard2.0)) (== netcoreapp2.0) (== netcoreapp2.2) (== netstandard2.0)
    Logary (5.0.0-rc.11)
      FParsec (>= 1.0.3) - restriction: || (&& (== net45) (>= netstandard2.0)) (== netcoreapp2.0) (== netcoreapp2.2) (== netstandard2.0)
      FSharp.Core (>= 4.7) - restriction: || (&& (== net45) (>= netstandard2.0)) (== netcoreapp2.0) (== netcoreapp2.2) (== netstandard2.0)
      Hopac (>= 0.4.1) - restriction: || (&& (== net45) (>= netstandard2.0)) (== netcoreapp2.0) (== netcoreapp2.2) (== netstandard2.0)
      NodaTime (>= 2.4.6) - restriction: || (&& (== net45) (>= netstandard2.0)) (== netcoreapp2.0) (== netcoreapp2.2) (== netstandard2.0)
    Microsoft.NETCore.Platforms (2.2.2) - restriction: || (&& (== net45) (< net40) (>= netstandard2.0)) (&& (== net45) (>= netcoreapp2.0)) (&& (== net45) (< netstandard1.0) (>= netstandard2.0) (>= win8)) (&& (== net45) (>= netstandard2.0) (>= uap10.0)) (&& (== net45) (>= netstandard2.0) (>= wp8)) (&& (== net45) (>= netstandard2.0) (>= wpa81)) (== netcoreapp2.0) (== netcoreapp2.2) (== netstandard2.0)
    NETStandard.Library (2.0.3) - restriction: || (&& (== net45) (< net40) (>= netstandard2.0)) (== netcoreapp2.0) (== netcoreapp2.2) (== netstandard2.0)
      Microsoft.NETCore.Platforms (>= 1.1)
    NodaTime (2.4.6) - restriction: || (&& (== net45) (>= netstandard2.0)) (== netcoreapp2.0) (== netcoreapp2.2) (== netstandard2.0)
    paket (5.216) - clitool: true
